GEM
  remote: https://rubygems.org/
  specs:
    concurrent-ruby (1.2.2)
    faker (3.1.1)
      i18n (>= 1.8.11, < 2)
    faraday (2.7.4)
      faraday-net_http (>= 2.0, < 3.1)
      ruby2_keywords (>= 0.0.4)
    faraday-net_http (3.0.2)
    httparty (0.21.0)
      mini_mime (>= 1.0.0)
      multi_xml (>= 0.5.2)
    i18n (1.12.0)
      concurrent-ruby (~> 1.0)
    io-console (0.6.0)
    irb (1.6.2)
      reline (>= 0.3.0)
    mini_mime (1.1.2)
    multi_xml (0.6.0)
    reline (0.3.2)
      io-console (~> 0.5)
    rexml (3.2.5)
    ruby2_keywords (0.0.5)
    rubystats (0.3.0)
    rubyzip (2.3.2)
    selenium-webdriver (4.8.6)
      rexml (~> 3.2, >= 3.2.5)
      rubyzip (>= 1.2.2, < 3.0)
      websocket (~> 1.0)
    sqlite3 (1.6.1-x86_64-darwin)
    websocket (1.2.9)

PLATFORMS
  x86_64-darwin-21

DEPENDENCIES
  faker
  faraday
  httparty
  irb
  rubystats
  selenium-webdriver
  sqlite3

BUNDLED WITH
   2.3.23
